GEM
  remote: https://rubygems.org/
  specs:
    ansi (1.5.0)
    coffee-script (2.4.1)
      coffee-script-source
      execjs
    coffee-script-source (1.10.0)
    concurrent-ruby (1.0.2)
    execjs (2.6.0)
    libv8 (3.16.14.15)
    minitest (4.7.5)
    rack (1.6.4)
    rake (11.1.2)
    ref (2.0.0)
    sprockets (3.6.0)
      concurrent-ruby (~> 1.0)
      rack (> 1, < 3)
    therubyracer (0.12.2)
      libv8 (~> 3.16.14.0)
      ref
    turn (0.9.7)
      ansi
      minitest (~> 4)
    uglifier (3.0.0)
      execjs (>= 0.3.0, < 3)

PLATFORMS
  ruby

DEPENDENCIES
  coffee-script
  libv8
  minitest
  rake
  sprockets
  therubyracer
  turn
  uglifier

BUNDLED WITH
   1.12.3
